PATH
  remote: .
  specs:
    molasses (0.3.0)
      faraday (~> 1.0)
      workers (~> 0.6.1)

GEM
  remote: https://rubygems.org/
  specs:
    addressable (2.7.0)
      public_suffix (>= 2.0.2, < 5.0)
    crack (0.4.4)
    diff-lcs (1.4.4)
    docile (1.3.5)
    faraday (1.0.1)
      multipart-post (>= 1.2, < 3)
    hashdiff (1.0.1)
    multipart-post (2.1.1)
    public_suffix (4.0.6)
    rake (13.0.1)
    rspec (3.9.0)
      rspec-core (~> 3.9.0)
      rspec-expectations (~> 3.9.0)
      rspec-mocks (~> 3.9.0)
    rspec-core (3.9.2)
      rspec-support (~> 3.9.3)
    rspec-expectations (3.9.2)
      diff-lcs (>= 1.2.0, < 2.0)
      rspec-support (~> 3.9.0)
    rspec-mocks (3.9.1)
      diff-lcs (>= 1.2.0, < 2.0)
      rspec-support (~> 3.9.0)
    rspec-support (3.9.3)
    simplecov (0.21.2)
      docile (~> 1.1)
      simplecov-html (~> 0.11)
      simplecov_json_formatter (~> 0.1)
    simplecov-html (0.12.3)
    simplecov_json_formatter (0.1.2)
    webmock (3.9.1)
      addressable (>= 2.3.6)
      crack (>= 0.3.2)
      hashdiff (>= 0.4.0, < 2.0.0)
    workers (0.6.1)

PLATFORMS
  ruby

DEPENDENCIES
  molasses!
  rake
  rspec (~> 3.7)
  simplecov
  webmock (~> 3.9)

BUNDLED WITH
   1.17.3
